GEM
  remote: http://rubygems.org/
  remote: http://gems.neurogami.com/
  specs:
    builder (3.2.4)
    diff-lcs (1.1.3)
    faker (1.4.3)
      i18n (~> 0.5)
    hoe (3.22.1)
      rake (>= 0.8, < 15.0)
    i18n (0.6.11)
    rake (13.0.1)
    rawr (1.6.6)
      rubyzip
      user-choices
    rspec (2.12.0)
      rspec-core (~> 2.12.0)
      rspec-expectations (~> 2.12.0)
      rspec-mocks (~> 2.12.0)
    rspec-core (2.12.2)
    rspec-expectations (2.12.1)
      diff-lcs (~> 1.1.3)
    rspec-mocks (2.12.2)
    rubyzip (1.1.6)
    s4t-utils (1.0.4)
      hoe (>= 1.3.0)
    user-choices (1.1.6.1)
      builder (>= 2.1.2)
      s4t-utils (>= 1.0.3)
      xml-simple (>= 1.0.11)
    xml-simple (1.1.5)

PLATFORMS
  java
  ruby

DEPENDENCIES
  faker
  rake (>= 12.3.3)
  rawr (= 1.6.6)!
  rspec (= 2.12.0)
  user-choices (>= 1.1.6.1)

BUNDLED WITH
   1.17.3
